GEM
  remote: https://rubygems.org/
  specs:
    actionview (5.2.3)
      activesupport (= 5.2.3)
      builder (~> 3.1)
      erubi (~> 1.4)
      rails-dom-testing (~> 2.0)
      rails-html-sanitizer (~> 1.0, >= 1.0.3)
    activesupport (5.2.3)
      concurrent-ruby (~> 1.0, >= 1.0.2)
      i18n (>= 0.7, < 2)
      minitest (~> 5.1)
      tzinfo (~> 1.1)
    axiom-types (0.1.1)
      descendants_tracker (~> 0.0.4)
      ice_nine (~> 0.11.0)
      thread_safe (~> 0.3, >= 0.3.1)
    backports (3.15.0)
    backtrace (0.3.0)
    bacon (1.2.0)
    bitcoin (0.2.0)
      bitcoin-ruby
    bitcoin-ruby (0.0.19)
      eventmachine
      ffi
      scrypt
    builder (3.2.3)
    coercible (1.0.0)
      descendants_tracker (~> 0.0.1)
    colorize (0.8.1)
    concurrent-ruby (1.1.3)
    connection_pool (2.2.2)
    crass (1.0.4)
    daemons (1.3.1)
    descendants_tracker (0.0.4)
      thread_safe (~> 0.3, >= 0.3.1)
    diffy (3.2.1)
    equalizer (0.0.11)
    erubi (1.8.0)
    ethon (0.12.0)
      ffi (>= 1.3.0)
    eventmachine (1.2.7)
    faraday (0.15.4)
      multipart-post (>= 1.2, < 3)
    faraday_middleware (0.13.1)
      faraday (>= 0.7.4, < 1.0)
    ffi (1.11.1)
    ffi-compiler (1.0.1)
      ffi (>= 1.0.0)
      rake
    futex (0.8.6)
    get_process_mem (0.2.3)
    git-version-bump (0.16.0)
    i18n (1.6.0)
      concurrent-ruby (~> 1.0)
    ice_nine (0.11.2)
    inflecto (0.0.2)
    json (2.1.0)
    logger (1.3.0)
    loofah (2.2.3)
      crass (~> 1.0.2)
      nokogiri (>= 1.5.9)
    memory_profiler (0.9.12)
    mimic (0.4.2)
      json
      plist
      rack
      sinatra
    mini_portile2 (2.4.0)
    minitest (5.11.3)
    multi_json (1.13.1)
    multipart-post (2.1.1)
    mustermann (1.0.3)
    net-http-persistent (3.0.1)
      connection_pool (~> 2.2)
    nio4r (2.5.8)
    nokogiri (1.10.3)
      mini_portile2 (~> 2.4.0)
    openssl (2.1.2)
    pg (1.1.4)
    plist (3.5.0)
    puma (4.3.9)
      nio4r (~> 2.0)
    rack (2.0.7)
    rack-protection (2.0.4)
      rack
    rack-timeout (0.5.1)
    rails-dom-testing (2.0.3)
      activesupport (>= 4.2.0)
      nokogiri (>= 1.6)
    rails-html-sanitizer (1.0.4)
      loofah (~> 2.2, >= 2.2.2)
    rainbow (3.0.0)
    rake (12.3.2)
    require_all (2.0.0)
    russian (0.6.0)
      i18n (>= 0.5.0)
    scrypt (3.0.6)
      ffi-compiler (>= 1.0, < 2.0)
    semantic (1.6.1)
    sequel (5.20.0)
    sequel-pg-comment (2.0.1)
      git-version-bump (~> 0.10)
      sequel
    sibit (0.12.3)
      backtrace (~> 0.3)
      bitcoin (= 0.2.0)
      json (~> 2)
      slop (~> 4.6)
    sinatra (2.0.4)
      mustermann (~> 1.0)
      rack (~> 2.0)
      rack-protection (= 2.0.4)
      tilt (~> 2.0)
    sinatra-contrib (2.0.4)
      activesupport (>= 4.0.0)
      backports (>= 2.8.2)
      multi_json
      mustermann (~> 1.0)
      rack-protection (= 2.0.4)
      sinatra (= 2.0.4)
      tilt (>= 1.3, < 3)
    sinatra-reloader (1.0)
      sinatra-contrib
    sinatra-sequel (0.9.0)
      sequel (>= 3.2.0)
      sinatra (>= 0.9.4)
    slop (4.6.2)
    sys-proctable (1.2.1)
      ffi
    telegram-bot-ruby (0.9.1)
      faraday
      inflecto
      virtus
    thin (1.7.2)
      daemons (~> 1.0, >= 1.0.9)
      eventmachine (~> 1.0, >= 1.0.4)
      rack (>= 1, < 3)
    thread_safe (0.3.6)
    threads (0.3.0)
      backtrace (~> 0)
      concurrent-ruby (~> 1.0)
    tilt (2.0.9)
    time_diff (0.3.0)
      activesupport
      i18n
    total (0.3.0)
    twemoji (3.1.4)
      nokogiri (~> 1.6)
    typhoeus (1.3.1)
      ethon (>= 0.9.0)
    tzinfo (1.2.5)
      thread_safe (~> 0.1)
    usagewatch (0.0.7)
    usagewatch_ext (0.2.1)
      usagewatch (~> 0.0.6)
    version (1.1.1)
    virtus (1.0.5)
      axiom-types (~> 0.1)
      coercible (~> 1.0)
      descendants_tracker (~> 0.0, >= 0.0.3)
      equalizer (~> 0.0, >= 0.0.9)
    zache (0.12.0)
    zold (0.21.4)
      backtrace (>= 0.3)
      concurrent-ruby (= 1.1.3)
      diffy (= 3.2.1)
      futex (>= 0.8.5)
      get_process_mem (~> 0.2)
      json (= 2.1.0)
      memory_profiler (= 0.9.12)
      mimic (= 0.4.2)
      openssl (= 2.1.2)
      rainbow (= 3.0.0)
      semantic (= 1.6.1)
      sinatra (= 2.0.4)
      slop (= 4.6.2)
      sys-proctable (= 1.2.1)
      thin (= 1.7.2)
      threads (>= 0.3)
      total (>= 0.2)
      typhoeus (= 1.3.1)
      usagewatch_ext (= 0.2.1)
      zache (>= 0.7)
      zold-score (= 0.4.5)
    zold-ruby-sdk (0.1.0)
      typhoeus (= 1.3.1)
      zold (= 0.21.4)
    zold-score (0.4.5)

PLATFORMS
  ruby

DEPENDENCIES
  actionview
  activesupport
  bacon
  colorize
  faraday
  faraday_middleware
  i18n
  logger
  net-http-persistent
  pg
  puma
  rack
  rack-timeout
  rake
  require_all
  russian
  sequel
  sequel-pg-comment
  sibit
  sinatra
  sinatra-reloader
  sinatra-sequel
  telegram-bot-ruby
  time_diff
  twemoji
  version
  zold-ruby-sdk

RUBY VERSION
   ruby 2.5.5p157

BUNDLED WITH
   1.17.3
